PATH
  remote: .
  specs:
    mimemagic (0.3.5)

GEM
  remote: https://rubygems.org/
  specs:
    rake (13.0.3)

PLATFORMS
  -darwin-20

DEPENDENCIES
  mimemagic!
  rake (~> 13.0)

BUNDLED WITH
   2.2.6
